GEM
  remote: https://rubygems.org/
  specs:
    cuba (3.1.1)
      rack
    haml (4.0.5)
      tilt
    rack (1.5.2)
    rack-protection (1.5.3)
      rack
    shotgun (0.9)
      rack (>= 1.0)
    tilt (2.0.1)

PLATFORMS
  ruby

DEPENDENCIES
  cuba (~> 3.1.1)
  haml (~> 4.0.5)
  rack-protection (~> 1.5.3)
  shotgun (~> 0.9)
  tilt (~> 2.0.1)
