GEM
  remote: https://rubygems.org/
  specs:
    cuba (3.1.1)
      rack
    cuba-contrib (3.1.0)
      cuba (~> 3.1)
    diff-lcs (1.2.5)
    given_core (3.5.4)
      sorcerer (>= 0.3.7)
    haml (4.0.5)
      tilt
    mote (1.1.2)
    rack (1.5.2)
    rack-protection (1.5.3)
      rack
    rspec (2.14.1)
      rspec-core (~> 2.14.0)
      rspec-expectations (~> 2.14.0)
      rspec-mocks (~> 2.14.0)
    rspec-core (2.14.8)
    rspec-expectations (2.14.5)
      diff-lcs (>= 1.1.3, < 2.0)
    rspec-given (3.5.4)
      given_core (= 3.5.4)
      rspec (>= 2.12)
    rspec-mocks (2.14.6)
    shotgun (0.9)
      rack (>= 1.0)
    sorcerer (1.0.2)
    tilt (2.0.1)

PLATFORMS
  ruby

DEPENDENCIES
  cuba (~> 3.1.1)
  cuba-contrib (~> 3.1.0)
  haml (~> 4.0.5)
  mote (~> 1.1.2)
  rack-protection (~> 1.5.3)
  rspec (~> 2.14.1)
  rspec-given (~> 3.5.4)
  shotgun (~> 0.9)
  tilt (~> 2.0.1)
